GEM
  remote: http://rubygems.org/
  specs:
    builder (3.0.0)
    diff-lcs (1.1.2)
    facets (2.9.1)
    fastercsv (1.5.4)
    git (1.2.5)
    jeweler (1.6.0)
      bundler (~> 1.0.0)
      git (>= 1.2.5)
      rake
    oauth (0.4.4)
    rake (0.8.7)
    rcov (0.9.9)
    rforce (0.7)
      builder (~> 3.0)
      oauth (~> 0.4)
    rspec (2.3.0)
      rspec-core (~> 2.3.0)
      rspec-expectations (~> 2.3.0)
      rspec-mocks (~> 2.3.0)
    rspec-core (2.3.1)
    rspec-expectations (2.3.0)
      diff-lcs (~> 1.1.2)
    rspec-mocks (2.3.0)

PLATFORMS
  ruby

DEPENDENCIES
  bundler (~> 1.0.0)
  facets
  fastercsv
  jeweler (~> 1.6.0)
  rcov
  rforce
  rspec (~> 2.3.0)
